GIT
  remote: https://github.com/livingsocial/rake-pipeline.git
  revision: f71caeb1406dafd6af5ab8453db8c5ac53947c92
  specs:
    rake-pipeline (0.6.0)
      rake (~> 0.9.0)
      thor

GIT
  remote: https://github.com/wycats/rake-pipeline-web-filters.git
  revision: fe752a8cfdbb318b746fd76fd3c10dd8b8f29891
  specs:
    rake-pipeline-web-filters (0.6.0)
      rack
      rake-pipeline (~> 0.6)

GEM
  remote: http://rubygems.org/
  specs:
    execjs (1.3.0)
      multi_json (~> 1.0)
    multi_json (1.0.4)
    rack (1.4.1)
    rake (0.9.2.2)
    thor (0.14.6)
    uglifier (1.2.3)
      execjs (>= 0.3.0)
      multi_json (>= 1.0.2)

PLATFORMS
  ruby

DEPENDENCIES
  rake-pipeline!
  rake-pipeline-web-filters!
  uglifier
